GEM
  remote: https://rubygems.org/
  specs:
    activemodel (4.2.3)
      activesupport (= 4.2.3)
      builder (~> 3.1)
    activerecord (4.2.3)
      activemodel (= 4.2.3)
      activesupport (= 4.2.3)
      arel (~> 6.0)
    activesupport (4.2.3)
      i18n (~> 0.7)
      json (~> 1.7, >= 1.7.7)
      minitest (~> 5.1)
      thread_safe (~> 0.3, >= 0.3.4)
      tzinfo (~> 1.1)
    arel (6.0.3)
    awesome_print (1.6.1)
    builder (3.2.2)
    i18n (0.7.0)
    imdb (0.8.2)
      nokogiri (= 1.6.2.1)
    json (1.8.3)
    link_header (0.0.8)
    mini_portile (0.6.0)
    minitest (5.8.0)
    nokogiri (1.6.2.1)
      mini_portile (= 0.6.0)
    rake (10.4.2)
    rdf (1.1.14)
      link_header (~> 0.0, >= 0.0.8)
    rdf-json (1.1.2)
      rdf (~> 1.1)
    rdf-trix (1.1.0)
      rdf (>= 1.1)
    sqlite3 (1.3.10)
    thread_safe (0.3.5)
    tzinfo (1.2.2)
      thread_safe (~> 0.1)

PLATFORMS
  ruby

DEPENDENCIES
  activerecord
  awesome_print
  imdb
  rake
  rdf
  rdf-json
  rdf-trix
  sqlite3

BUNDLED WITH
   1.10.6
